GEM
  remote: http://gems.github.com/
  remote: http://rubygems.org/
  specs:
    activesupport (3.1.12)
      multi_json (~> 1.0)
    addressable (2.3.3)
    adsf (1.0.1)
      rack (>= 1.0.0)
    builder (3.2.2)
    coderay (1.0.9)
    colored (1.2)
    cookiejar (0.3.0)
    cri (2.3.0)
      colored (>= 1.2)
    curb (0.7.18)
    daemons (1.1.9)
    em-http-request (1.0.3)
      addressable (>= 2.2.3)
      cookiejar
      em-socksify
      eventmachine (>= 1.0.0.beta.4)
      http_parser.rb (>= 0.5.3)
    em-socksify (0.2.1)
      eventmachine (>= 1.0.0.beta.4)
    em-twitter (0.2.1)
      eventmachine (~> 1.0)
      http_parser.rb (~> 0.5)
      simple_oauth (~> 0.1)
    eventmachine (1.0.0)
    faraday (0.8.5)
      multipart-post (~> 1.1)
    fastercsv (1.5.5)
    feedzirra (0.1.3)
      activesupport (~> 3.1.1)
      builder (>= 2.1.2)
      curb (~> 0.7.15)
      i18n (>= 0.5.0)
      loofah (~> 1.2.0)
      nokogiri (>= 1.4.4)
      rake (>= 0.8.7)
      rdoc (~> 3.8)
      sax-machine (~> 0.1.0)
    ffi (1.9.0)
    formatador (0.2.4)
    geokit (1.6.5)
      multi_json
    guard (1.8.2)
      formatador (>= 0.2.4)
      listen (>= 1.0.0)
      lumberjack (>= 1.0.2)
      pry (>= 0.9.10)
      thor (>= 0.14.6)
    guard-nanoc (1.0.1)
      guard (>= 1.8.0)
      nanoc (>= 3.6.3)
    htmlentities (4.3.1)
    http_parser.rb (0.5.3)
    i18n (0.6.5)
    json (1.8.0)
    launchy (2.2.0)
      addressable (~> 2.3)
    listen (1.2.3)
      rb-fsevent (>= 0.9.3)
      rb-inotify (>= 0.9)
      rb-kqueue (>= 0.2)
    loofah (1.2.1)
      nokogiri (>= 1.4.4)
    lumberjack (1.0.4)
    method_source (0.8.2)
    mini_portile (0.5.1)
    multi_json (1.6.1)
    multipart-post (1.1.5)
    nanoc (3.6.4)
      cri (~> 2.3)
    nanoc3 (3.3.0)
      nanoc (>= 3.3.0)
    nokogiri (1.6.0)
      mini_portile (~> 0.5.0)
    oauth (0.4.7)
    oj (2.0.7)
    pry (0.9.12.2)
      coderay (~> 1.0.5)
      method_source (~> 0.8)
      slop (~> 3.4)
    rack (1.4.5)
    rake (10.1.0)
    rb-fsevent (0.9.3)
    rb-inotify (0.9.0)
      ffi (>= 0.5.0)
    rb-kqueue (0.2.0)
      ffi (>= 0.5.0)
    rdiscount (1.6.8)
    rdoc (3.12.2)
      json (~> 1.4)
    retryable (1.3.2)
    ri_cal (0.8.8)
    sass (3.2.10)
    sax-machine (0.1.0)
      nokogiri (> 0.0.0)
    simple_oauth (0.2.0)
    slop (3.4.6)
    systemu (2.5.2)
    t (1.7.1)
      fastercsv (~> 1.5)
      geokit (~> 1.6)
      htmlentities (~> 4.3)
      launchy (~> 2.0)
      oauth (~> 0.4)
      oj (~> 2.0)
      retryable (~> 1.2)
      thor (>= 0.16, < 2)
      tweetstream (~> 2.3)
      twitter (~> 4.4)
    thor (0.18.1)
    tweetstream (2.4.0)
      daemons (~> 1.1)
      em-http-request (~> 1.0.2)
      em-twitter (~> 0.2)
      twitter (~> 4.0)
      yajl-ruby (~> 1.1)
    twitter (4.5.0)
      faraday (~> 0.8, < 0.10)
      multi_json (~> 1.0)
      simple_oauth (~> 0.2)
    tzinfo (1.0.1)
    tzinfo-data (1.2013.4)
      tzinfo (>= 1.0.0)
    yajl-ruby (1.1.0)

PLATFORMS
  ruby

DEPENDENCIES
  adsf
  builder
  feedzirra
  guard-nanoc
  nanoc3
  nokogiri
  rdiscount
  ri_cal
  sass
  systemu
  t
  tzinfo
  tzinfo-data
