GEM
  remote: http://gems.github.com/
  remote: http://rubygems.org/
  specs:
    addressable (2.3.5)
    adsf (1.1.1)
      rack (>= 1.0.0)
    atomic (1.1.14)
    buftok (0.1)
    builder (3.2.2)
    celluloid (0.15.2)
      timers (~> 1.1.0)
    chunky_png (1.2.9)
    coderay (1.1.0)
    colored (1.2)
    cri (2.4.0)
      colored (>= 1.2)
    curb (0.8.5)
    descendants_tracker (0.0.3)
    equalizer (0.0.7)
    faraday (0.8.8)
      multipart-post (~> 1.2.0)
    feedzirra (0.7.0)
      curb (~> 0.8.1)
      loofah (~> 1.2.1)
      sax-machine (~> 0.2.1)
    ffi (1.9.3)
    formatador (0.2.4)
    geokit (1.6.7)
      multi_json (>= 1.3.2)
    guard (2.2.4)
      formatador (>= 0.2.4)
      listen (~> 2.1)
      lumberjack (~> 1.0)
      pry (>= 0.9.12)
      thor (>= 0.18.1)
    guard-nanoc (1.0.1)
      guard (>= 1.8.0)
      nanoc (>= 3.6.3)
    htmlentities (4.3.1)
    http (0.5.0)
      http_parser.rb
    http_parser.rb (0.5.3)
    json (1.8.1)
    launchy (2.4.0)
      addressable (~> 2.3)
    listen (2.2.0)
      celluloid (>= 0.15.2)
      rb-fsevent (>= 0.9.3)
      rb-inotify (>= 0.9)
    loofah (1.2.1)
      nokogiri (>= 1.4.4)
    lumberjack (1.0.4)
    memoizable (0.2.0)
      thread_safe (~> 0.1.3)
    method_source (0.8.2)
    mini_portile (0.5.2)
    multi_json (1.8.2)
    multipart-post (1.2.0)
    nanoc (3.6.6)
      cri (~> 2.3)
    nanoc3 (3.3.0)
      nanoc (>= 3.3.0)
    nokogiri (1.6.1)
      mini_portile (~> 0.5.0)
    oauth (0.4.7)
    pry (0.9.12.3)
      coderay (~> 1.0)
      method_source (~> 0.8)
      slop (~> 3.4)
    rack (1.5.2)
    rb-fsevent (0.9.3)
    rb-inotify (0.9.2)
      ffi (>= 0.5.0)
    rdiscount (2.1.7)
    retryable (1.3.3)
    ri_cal (0.8.8)
    rqrcode (0.4.2)
    rqrcode_png (0.1.2)
      chunky_png
      rqrcode
    sass (3.2.12)
    sax-machine (0.2.1)
      nokogiri (~> 1.6.0)
    simple_oauth (0.2.0)
    slop (3.4.7)
    systemu (2.5.2)
    t (2.0.0)
      geokit (~> 1.6)
      htmlentities (~> 4.3)
      launchy (~> 2.3)
      oauth (~> 0.4)
      retryable (~> 1.2)
      thor (>= 0.18.1, < 2)
      twitter (~> 5.0)
    thor (0.18.1)
    thread_safe (0.1.3)
      atomic
    timers (1.1.0)
    twitter (5.0.0)
      buftok (~> 0.1.0)
      descendants_tracker (~> 0.0.1)
      equalizer (~> 0.0.7)
      faraday (>= 0.8, < 0.10)
      http (~> 0.5.0)
      http_parser.rb (~> 0.5.0)
      json (~> 1.8)
      memoizable (~> 0.2.0)
      simple_oauth (~> 0.2.0)

PLATFORMS
  ruby

DEPENDENCIES
  adsf
  builder
  feedzirra
  guard-nanoc
  nanoc3
  nokogiri
  rdiscount
  ri_cal
  rqrcode_png
  sass
  systemu
  t
